{"Manufacturer": "Bruker BioSpin MRI GmbH", "ManufacturersModelName": "Biospec 94/30", "DeviceSerialNumber": "BT001005", "StationName": "Biospec 94/30", "SoftwareVersion": "6.0.1", "MagneticFieldStrength": 9.402547527892029, "PulseSequenceType": "EPI.ppg", "ScanningSequence": "Bruker:EPI", "SequenceVariant": "Both", "SequenceName": "2_BOLD_EPI_isotropic_wholebrain", "PulseSequenceDetails": "2_BOLD_EPI_isotropic_wholebrain (E8)", "NonlinearGradientCorrection": "RectilinearTraversal", "NumberShots": 1, "PhaseEncodingDirection": "j", "EchoTime": 0.014, "InversionTime": null, "SliceTiming": [0.0, 0.0001388888888888889, 0.0002777777777777778, 0.00041666666666666664, 0.0005555555555555556, 0.0006944444444444445, 0.0008333333333333333, 0.0009722222222222222, 0.0011111111111111111, 0.00125, 0.001388888888888889, 0.0015277777777777779, 0.0016666666666666666, 0.0018055555555555555, 0.0019444444444444444, 0.0020833333333333333, 6.944444444444444e-05, 0.00020833333333333332, 0.00034722222222222224, 0.0004861111111111111, 0.000625, 0.0007638888888888889, 0.0009027777777777777, 0.0010416666666666667, 0.0011805555555555556, 0.0013194444444444445, 0.0014583333333333334, 0.0015972222222222223, 0.001736111111111111, 0.001875, 0.002013888888888889, 0.0021527777777777778], "DwellTime": 0.00028800000000000017, "FlipAngle": 70, "InstitutionName": "Univ. of North Carolina", "InstitutionAddress": "125 Mason Farm Rd. Chapel Hill NC 27599, USA", "InstitutionalDepartmentName": "Center for Animal MRI (CAMRI)", "RepetitionTime": 2.0, "TaskName": "rest", "NumberOfVolumesDiscardedByScanner": 8, "TaskDescription": "RestingState"}