{"Manufacturer": "Bruker BioSpin MRI GmbH", "ManufacturersModelName": "Biospec 94/30", "DeviceSerialNumber": "BT001005", "StationName": "Biospec 94/30", "SoftwareVersion": "6.0.1", "MagneticFieldStrength": 9.402589361710353, "PulseSequenceType": "EPI.ppg", "ScanningSequence": "Bruker:EPI", "SequenceVariant": "Both", "SequenceName": "2_BOLD_EPI_isotropic_wholebrain", "PulseSequenceDetails": "2_BOLD_EPI_isotropic_wholebrain (E7)", "NonlinearGradientCorrection": "RectilinearTraversal", "NumberShots": 1, "PhaseEncodingDirection": "j", "EchoTime": 0.014, "InversionTime": null, "SliceTiming": [0.0, 8.333333333333333e-05, 0.00016666666666666666, 0.00025, 0.0003333333333333333, 0.00041666666666666664, 0.0005, 0.0005833333333333333, 0.0006666666666666666, 0.00075, 0.0008333333333333333, 0.0009166666666666666, 0.001, 0.0010833333333333333, 0.0011666666666666665, 0.00125, 4.1666666666666665e-05, 0.000125, 0.00020833333333333332, 0.00029166666666666664, 0.000375, 0.0004583333333333333, 0.0005416666666666666, 0.000625, 0.0007083333333333333, 0.0007916666666666666, 0.000875, 0.0009583333333333333, 0.0010416666666666667, 0.001125, 0.0012083333333333334, 0.0012916666666666667], "DwellTime": 0.00028800000000000017, "FlipAngle": 70, "InstitutionName": "Univ. of North Carolina", "InstitutionAddress": "125 Mason Farm Rd. Chapel Hill NC 27599, USA", "InstitutionalDepartmentName": "Center for Animal MRI (CAMRI)", "RepetitionTime": 2.0, "TaskName": "rest", "NumberOfVolumesDiscardedByScanner": 8, "TaskDescription": "RestingState"}