{"Manufacturer": null, "ManufacturersModelName": "Biospec 94/30", "DeviceSerialNumber": null, "StationName": "Biospec 94/30", "SoftwareVersion": 5.1, "MagneticFieldStrength": 9.402657379837422, "PulseSequenceType": "EPI.ppg", "ScanningSequence": "EPI (pvm)", "SequenceVariant": null, "SequenceName": "rat_EPI_isotropic_wholebrain_BOLD", "PulseSequenceDetails": "rat_EPI_isotropic_wholebrain_BOLD", "NonlinearGradientCorrection": null, "NumberShots": null, "PhaseEncodingDirection": "i", "EchoTime": 0.015, "InversionTime": null, "SliceTiming": [0.0, 0.0008333333333333334, 0.0016666666666666668, 0.0025, 0.0033333333333333335, 0.004166666666666667, 0.005, 0.005833333333333334, 0.006666666666666667, 0.007500000000000001, 0.008333333333333333, 0.009166666666666667, 0.01, 0.010833333333333334, 0.011666666666666667, 0.0125, 0.0004166666666666667, 0.00125, 0.0020833333333333333, 0.002916666666666667, 0.0037500000000000003, 0.004583333333333333, 0.005416666666666667, 0.00625, 0.007083333333333334, 0.007916666666666667, 0.00875, 0.009583333333333334, 0.010416666666666668, 0.011250000000000001, 0.012083333333333335, 0.012916666666666668], "DwellTime": 0.0004800000000000008, "FlipAngle": 68.4, "InstitutionName": "Univ. of North Carolina", "InstitutionAddress": "125 Mason Farm Rd. Chapel Hill NC 27599, USA", "InstitutionalDepartmentName": "Center for Animal MRI (CAMRI)", "RepetitionTime": 2.0, "TaskName": "rest", "NumberOfVolumesDiscardedByScanner": null, "TaskDescription": "RestingState"}